GEM
  remote: https://rubygems.org/
  specs:
    awesome_print (1.6.1)
    byebug (8.2.0)
    gender_detector (0.1.2)
      unicode_utils (>= 1.3.0)
    unicode_utils (1.4.0)

PLATFORMS
  ruby

DEPENDENCIES
  awesome_print
  byebug
  gender_detector

BUNDLED WITH
   1.10.6
